GIT
  remote: https://github.com/mojombo/bert.git
  revision: c2abcc4868bb47909696c6a42c606de34e83ef70
  specs:
    bert (1.1.6)

GEM
  remote: http://gems.taodinet.com:8808/
  specs:

PLATFORMS
  ruby

DEPENDENCIES
  bert!
